GEM
  remote: https://rubygems.org/
  specs:
    amq-protocol (2.1.0)
    bunny (2.6.3)
      amq-protocol (>= 2.0.1)
    json (2.0.3)
    nori (2.6.0)

PLATFORMS
  ruby

DEPENDENCIES
  bunny
  json
  nori

BUNDLED WITH
   1.14.3
