GEM
  remote: https://rubygems.org/
  specs:
    amq-protocol (2.1.0)
    backports (3.6.8)
    bunny (2.6.3)
      amq-protocol (>= 2.0.1)
    json_pure (2.1.0)
    multi_json (1.12.1)
    nori (2.6.0)
    rack (1.6.5)
    rack-protection (1.5.3)
      rack
    rack-test (0.6.3)
      rack (>= 1.0)
    sinatra (1.4.8)
      rack (~> 1.5)
      rack-protection (~> 1.4)
      tilt (>= 1.3, < 3)
    sinatra-contrib (1.4.7)
      backports (>= 2.0)
      multi_json
      rack-protection
      rack-test
      sinatra (~> 1.4.0)
      tilt (>= 1.3, < 3)
    tilt (2.0.6)

PLATFORMS
  ruby

DEPENDENCIES
  bunny
  json_pure
  nori
  sinatra
  sinatra-contrib

BUNDLED WITH
   1.14.6
